GEM
  remote: https://rubygems.org/
  specs:
    bson (3.2.6)
    evernote-thrift (1.25.1)
    evernote_oauth (0.2.3)
      evernote-thrift
      oauth (>= 0.4.1)
    mimemagic (0.4.3)
      nokogiri (~> 1)
      rake
    mini_portile2 (2.6.1)
    mongo (2.1.2)
      bson (~> 3.0)
    nokogiri (1.12.5)
      mini_portile2 (~> 2.6.1)
      racc (~> 1.4)
    oauth (0.4.7)
    racc (1.5.2)
    rack (1.6.13)
    rack-protection (1.5.5)
      rack
    rake (13.0.6)
    sinatra (1.4.6)
      rack (~> 1.4)
      rack-protection (~> 1.4)
      tilt (>= 1.3, < 3)
    tilt (2.0.1)

PLATFORMS
  ruby

DEPENDENCIES
  evernote_oauth
  mimemagic
  mongo
  nokogiri
  sinatra
